PATH
  remote: ../../elchapo
  specs:
    elchapo (0.1.0)
      activesupport (~> 5.0)
      digest-sha3 (~> 1.1)

GEM
  remote: http://rubygems.org/
  specs:
    activesupport (5.1.4)
      concurrent-ruby (~> 1.0, >= 1.0.2)
      i18n (~> 0.7)
      minitest (~> 5.1)
      tzinfo (~> 1.1)
    bigdecimal (1.3.2)
    coderay (1.1.2)
    concurrent-ruby (1.0.5)
    digest-sha3 (1.1.0)
    i18n (0.9.0)
      concurrent-ruby (~> 1.0)
    method_source (0.8.2)
    minitest (5.10.3)
    pry (0.10.4)
      coderay (~> 1.1.0)
      method_source (~> 0.8.1)
      slop (~> 3.4)
    slop (3.6.0)
    thread_safe (0.3.6)
    tzinfo (1.2.3)
      thread_safe (~> 0.1)

PLATFORMS
  ruby

DEPENDENCIES
  bigdecimal
  elchapo!
  pry

BUNDLED WITH
   1.15.1
